GEM
  remote: https://rubygems.org/
  specs:
    byebug (11.0.1)
    daybreak (0.3.0)
    dotenv (2.7.2)
    faraday (0.15.4)
      multipart-post (>= 1.2, < 3)
    geocoder (1.5.1)
    hashie (3.6.0)
    mini_portile2 (2.4.0)
    multipart-post (2.0.0)
    mustermann (1.0.3)
    nokogiri (1.10.2)
      mini_portile2 (~> 2.4.0)
    rack (2.0.7)
    rack-protection (2.0.5)
      rack
    shotgun (0.9.2)
      rack (>= 1.0)
    sinatra (2.0.5)
      mustermann (~> 1.0)
      rack (~> 2.0)
      rack-protection (= 2.0.5)
      tilt (~> 2.0)
    tilt (2.0.9)

PLATFORMS
  ruby

DEPENDENCIES
  byebug
  daybreak
  dotenv
  faraday
  geocoder
  hashie
  nokogiri
  shotgun
  sinatra

BUNDLED WITH
   1.17.2
