GEM
  remote: https://rubygems.org/
  specs:
    byebug (11.0.1)
    childprocess (2.0.0)
      rake (< 13.0)
    daybreak (0.3.0)
    dotenv (2.7.4)
    faraday (0.15.4)
      multipart-post (>= 1.2, < 3)
    geocoder (1.5.1)
    hashie (3.6.0)
    mini_portile2 (2.4.0)
    multipart-post (2.1.1)
    mustermann (1.0.3)
    nio4r (2.4.0)
    nokogiri (1.10.3)
      mini_portile2 (~> 2.4.0)
    puma (4.0.1)
      nio4r (~> 2.0)
    rack (2.0.7)
    rack-protection (2.0.5)
      rack
    rake (12.3.3)
    shotgun (0.9.2)
      rack (>= 1.0)
    sinatra (2.0.5)
      mustermann (~> 1.0)
      rack (~> 2.0)
      rack-protection (= 2.0.5)
      tilt (~> 2.0)
    tilt (2.0.9)
    weathercom (0.0.1)

PLATFORMS
  ruby

DEPENDENCIES
  byebug
  childprocess
  daybreak
  dotenv
  faraday
  geocoder
  hashie
  nokogiri
  puma
  shotgun
  sinatra
  weathercom

BUNDLED WITH
   1.17.2
